GEM
  remote: http://rubygems.org/
  specs:
    crack (0.1.8)
    daemons (1.1.4)
    diff-lcs (1.1.2)
    httparty (0.7.8)
      crack (= 0.1.8)
    json (2.3.0)
    nokogiri (1.5.0)
    redtube (0.6.9)
      nokogiri
    rspec (2.6.0)
      rspec-core (~> 2.6.0)
      rspec-expectations (~> 2.6.0)
      rspec-mocks (~> 2.6.0)
    rspec-core (2.6.4)
    rspec-expectations (2.6.0)
      diff-lcs (~> 1.1.2)
    rspec-mocks (2.6.0)

PLATFORMS
  ruby

DEPENDENCIES
  daemons
  httparty
  json
  nokogiri
  redtube
  rspec
